PATH
  remote: .
  specs:
    jstree-rails-4 (3.3.17)

GEM
  remote: http://rubygems.org/
  specs:
    httpclient (2.9.0)
      mutex_m
    json (2.13.2)
    mutex_m (0.3.0)
    thor (1.4.0)

PLATFORMS
  arm64-darwin-24
  ruby

DEPENDENCIES
  bundler (~> 2.7.1)
  httpclient (~> 2.9.0)
  json (~> 2.13.2)
  jstree-rails-4!
  thor (~> 1.4.0)

BUNDLED WITH
   2.7.1
