PATH
  remote: .
  specs:
    jstree-rails-4 (3.3.9)

GEM
  remote: http://rubygems.org/
  specs:
    httpclient (2.8.3)
    json (2.5.1)
    thor (0.19.1)

PLATFORMS
  ruby

DEPENDENCIES
  bundler (~> 1.14)
  httpclient (~> 2.8.3)
  json (~> 2.5.1)
  jstree-rails-4!
  thor (~> 0.19)

BUNDLED WITH
   1.17.2
